GEM
  remote: https://rubygems.org/
  specs:
    animation (0.1.alpha.3)
      compass (>= 0.12.0)
      sass (>= 3.2.0.alpha.95)
    ceaser-easing (0.7)
      compass (>= 0.12.2)
      rake
    chunky_png (1.3.4)
    compass (1.0.3)
      chunky_png (~> 1.2)
      compass-core (~> 1.0.2)
      compass-import-once (~> 1.0.5)
      rb-fsevent (>= 0.9.3)
      rb-inotify (>= 0.9)
      sass (>= 3.3.13, < 3.5)
    compass-core (1.0.3)
      multi_json (~> 1.0)
      sass (>= 3.3.0, < 3.5)
    compass-h5bp (1.0.0)
      compass (~> 1.0, >= 1.0.3)
    compass-import-once (1.0.5)
      sass (>= 3.2, < 3.5)
    ffi (1.9.8)
    multi_json (1.11.0)
    rake (10.4.2)
    rb-fsevent (0.9.4)
    rb-inotify (0.9.5)
      ffi (>= 0.5.0)
    sass (3.4.13)
    susy (2.2.2)
      sass (>= 3.3.0, < 3.5)

PLATFORMS
  ruby

DEPENDENCIES
  animation
  ceaser-easing
  compass (~> 1.0.0)
  compass-h5bp (= 1.0.0)
  sass (= 3.4.13)
  susy (= 2.2.2)
